PATH
  remote: .
  specs:
    nfe-paulistana (1.0.0)
      nokogiri
      savon (= 1.2.0)
      signer

GEM
  remote: http://rubygems.org/
  specs:
    akami (1.2.1)
      gyoku (>= 0.4.0)
      nokogiri
    builder (3.2.2)
    diff-lcs (1.1.3)
    gyoku (0.4.6)
      builder (>= 2.1.2)
    httpi (1.1.1)
      rack
    mini_portile (0.5.3)
    nokogiri (1.6.1)
      mini_portile (~> 0.5.0)
    nori (1.1.5)
    rack (1.5.2)
    rspec (2.10.0)
      rspec-core (~> 2.10.0)
      rspec-expectations (~> 2.10.0)
      rspec-mocks (~> 2.10.0)
    rspec-core (2.10.1)
    rspec-expectations (2.10.0)
      diff-lcs (~> 1.1.3)
    rspec-mocks (2.10.1)
    savon (1.2.0)
      akami (~> 1.2.0)
      builder (>= 2.1.2)
      gyoku (~> 0.4.5)
      httpi (~> 1.1.0)
      nokogiri (>= 1.4.0)
      nori (~> 1.1.0)
      wasabi (~> 2.5.0)
    signer (1.1.1)
      nokogiri (>= 1.5.1)
    wasabi (2.5.1)
      httpi (~> 1.0)
      nokogiri (>= 1.4.0)

PLATFORMS
  ruby

DEPENDENCIES
  nfe-paulistana!
  rspec
